GIT
  remote: git://github.com/convio/watir-webdriver.git
  revision: c2b0540b30aef1cb175825e24e7bf63b23f5b4f4
  specs:
    watir-webdriver (0.6.2.1)
      selenium-webdriver (>= 2.18.0)

GIT
  remote: git://github.com/convio/watirmark-email.git
  revision: 12a83563ee18333af3cc26f29945f00aff8745f9
  specs:
    watirmark_email (1.2.0)

GIT
  remote: git://github.com/convio/watirmark.git
  revision: b8ab66cd985d2507a6c9f1e2cb83b8db3ab7fb63
  specs:
    watirmark (5.14.33)
      activesupport (~> 3.1.11)
      american_date (~> 1.0)
      i18n (~> 0.6.1)
      logger (~> 1.2.8)
      nokogiri (~> 1.5.6)
      rubigen (~> 1.5.8)
      selenium-webdriver (~> 2.30.0)
      uuid (~> 2.3.6)
      watir-webdriver (>= 0.6.1)

GEM
  remote: https://rubygems.org/
  specs:
    activesupport (3.1.11)
      multi_json (~> 1.0)
    american_date (1.0.0)
    builder (3.2.0)
    childprocess (0.3.9)
      ffi (~> 1.0, >= 1.0.11)
    commonwatir (4.0.0)
    cucumber (1.2.3)
      builder (>= 2.1.2)
      diff-lcs (>= 1.1.3)
      gherkin (~> 2.11.6)
      multi_json (~> 1.3)
    diff-lcs (1.2.1)
    ffi (1.4.0-x86-mingw32)
    gherkin (2.11.6-x86-mingw32)
      json (>= 1.7.6)
    hoe (3.5.0)
      rake (>= 0.8, < 11.0)
    i18n (0.6.4)
    json (1.7.7)
    logger (1.2.8)
    macaddr (1.6.1)
      systemu (~> 2.5.0)
    mini_magick (3.2.1)
      subexec (~> 0.0.4)
    multi_json (1.6.1)
    nokogiri (1.5.6-x86-mingw32)
    rake (0.9.2.2)
    rautomation (0.7.3)
      ffi
    rubigen (1.5.8)
      activesupport (>= 2.3.5, < 3.2.0)
    rubyzip (0.9.9)
    s4t-utils (1.0.4)
      hoe (>= 1.3.0)
    selenium-webdriver (2.30.0)
      childprocess (>= 0.2.5)
      multi_json (~> 1.0)
      rubyzip
      websocket (~> 1.0.4)
    subexec (0.0.4)
    systemu (2.5.2)
    user-choices (1.1.6.1)
      builder (>= 2.1.2)
      s4t-utils (>= 1.0.3)
      xml-simple (>= 1.0.11)
    uuid (2.3.7)
      macaddr (~> 1.0)
    watir (4.0.2-x86-mingw32)
      commonwatir (~> 4)
      watir-classic (~> 3.2)
      watir-webdriver
    watir-classic (3.4.0)
      ffi (~> 1.0)
      multi_json
      nokogiri
      rautomation (~> 0.7.2)
      user-choices
      win32-process (>= 0.5.5)
      win32screenshot
      windows-pr (>= 0.6.6)
    websocket (1.0.7)
    win32-api (1.4.8-x86-mingw32)
    win32-process (0.7.1)
      ffi (>= 1.0.0)
    win32screenshot (1.0.7)
      ffi (~> 1.0)
      mini_magick (~> 3.2.1)
      rautomation (~> 0.7.0)
    windows-api (0.4.2)
      win32-api (>= 1.4.5)
    windows-pr (1.2.2)
      win32-api (>= 1.4.5)
      windows-api (>= 0.3.0)
    xml-simple (1.1.2)

PLATFORMS
  x86-mingw32

DEPENDENCIES
  cucumber
  rake (= 0.9.2.2)
  watir
  watir-webdriver!
  watirmark!
  watirmark_email!
